GEM
  remote: http://rubygems.org/
  specs:
    activesupport (3.1.0)
      multi_json (~> 1.0)
    git (1.2.5)
    jeweler (1.6.4)
      bundler (~> 1.0)
      git (>= 1.2.5)
      rake
    multi_json (1.0.3)
    rake (0.9.2)
    rcov (0.9.11)
    reek (1.2.8)
      ruby2ruby (~> 1.2)
      ruby_parser (~> 2.0)
      sexp_processor (~> 3.0)
    roodi (2.1.0)
      ruby_parser
    ruby2ruby (1.3.1)
      ruby_parser (~> 2.0)
      sexp_processor (~> 3.0)
    ruby_parser (2.3.1)
      sexp_processor (~> 3.0)
    sexp_processor (3.0.7)
    shoulda (2.11.3)
    yard (0.6.8)

PLATFORMS
  ruby

DEPENDENCIES
  activesupport (>= 2.3.5)
  bundler (~> 1.0.0)
  jeweler (~> 1.6.4)
  rake (>= 0.8.7)
  rcov
  reek (~> 1.2.8)
  roodi (~> 2.1.0)
  shoulda
  yard (~> 0.6.0)
